PATH
  remote: .
  specs:
    42195 (0.0.1)
      active_support (>= 3.0)
      awesome_print (~> 1.2)
      colorize (~> 0.6.0)
      domainatrix (~> 0.0.11)
      highline (~> 1.6.19)
      ipaddress
      thor (~> 0.18.1)
      trollop (~> 2.0.0)
      whois (~> 3.3.1)

GEM
  remote: https://rubygems.org/
  specs:
    active_support (3.0.0)
      activesupport (= 3.0.0)
    activesupport (3.0.0)
    addressable (2.3.5)
    awesome_print (1.2.0)
    colorize (0.6.0)
    diff-lcs (1.2.4)
    domainatrix (0.0.11)
      addressable
    given_core (3.1.1)
      sorcerer (>= 0.3.7)
    highline (1.6.20)
    ipaddress (0.8.0)
    rspec (2.14.1)
      rspec-core (~> 2.14.0)
      rspec-expectations (~> 2.14.0)
      rspec-mocks (~> 2.14.0)
    rspec-core (2.14.6)
    rspec-expectations (2.14.3)
      diff-lcs (>= 1.1.3, < 2.0)
    rspec-given (3.1.1)
      given_core (= 3.1.1)
      rspec (>= 2.12)
    rspec-mocks (2.14.4)
    sorcerer (1.0.2)
    thor (0.18.1)
    trollop (2.0)
    whois (3.3.1)

PLATFORMS
  ruby

DEPENDENCIES
  42195!
  rspec (~> 2.14.1)
  rspec-given (~> 3.1.1)
