GEM
  remote: https://rubygems.org/
  specs:
    awesome_print (1.2.0)
    colorize (0.6.0)
    diff-lcs (1.2.4)
    given_core (3.1.1)
      sorcerer (>= 0.3.7)
    highline (1.6.20)
    rspec (2.14.1)
      rspec-core (~> 2.14.0)
      rspec-expectations (~> 2.14.0)
      rspec-mocks (~> 2.14.0)
    rspec-core (2.14.6)
    rspec-expectations (2.14.3)
      diff-lcs (>= 1.1.3, < 2.0)
    rspec-given (3.1.1)
      given_core (= 3.1.1)
      rspec (>= 2.12)
    rspec-mocks (2.14.4)
    sorcerer (1.0.2)
    trollop (2.0)

PLATFORMS
  ruby

DEPENDENCIES
  awesome_print
  colorize
  highline
  rspec
  rspec-given
  trollop
